PATH
  remote: .
  specs:
    neo4j-admin (0.2.1-java)
      neo4j-community (>= 1.9.3, < 2.0)

GEM
  remote: https://rubygems.org/
  specs:
    neo4j-community (1.9.3-java)

PLATFORMS
  java

DEPENDENCIES
  neo4j-admin!
